GEM
  remote: https://rubygems.org/
  specs:
    byebug (11.0.1)
    csv (0.0.1)
    httparty (0.21.0)
      mini_mime (>= 1.0.0)
      multi_xml (>= 0.5.2)
    json (1.8.6)
    mini_mime (1.1.2)
    mini_portile2 (2.4.0)
    multi_xml (0.6.0)
    nokogiri (1.10.4)
      mini_portile2 (~> 2.4.0)

PLATFORMS
  ruby

DEPENDENCIES
  byebug
  csv (~> 0.0.1)
  httparty
  json (~> 1.8, >= 1.8.3)
  nokogiri

BUNDLED WITH
   1.17.3
